GEM
  remote: https://rubygems.org/
  specs:
    minitest (5.10.1)

PLATFORMS
  ruby

DEPENDENCIES
  minitest

RUBY VERSION
   ruby 2.2.6p396

BUNDLED WITH
   1.14.6
